GIT
  remote: git://github.com/jneen/cinch-test.git
  revision: a3a1d99915613b7cb8bbf8bef321c12ce99c1cc6
  ref: a3a1d99915613b7cb8bbf8bef321c12ce99c1cc6
  specs:
    cinch-test (0.0.2)
      cinch

GEM
  remote: https://rubygems.org/
  specs:
    addressable (2.3.6)
    celluloid (0.16.0)
      timers (~> 4.0.0)
    cinch (2.2.3)
    coderay (1.1.0)
    crack (0.4.2)
      safe_yaml (~> 1.0.0)
    ffi (1.9.6)
    foreman (0.78.0)
      thor (~> 0.19.1)
    formatador (0.2.5)
    guard (2.11.1)
      formatador (>= 0.2.4)
      listen (~> 2.7)
      lumberjack (~> 1.0)
      nenv (~> 0.1)
      notiffany (~> 0.0)
      pry (>= 0.9.12)
      shellany (~> 0.0)
      thor (>= 0.18.1)
    guard-compat (1.2.1)
    guard-minitest (2.4.2)
      guard-compat (~> 1.2)
      minitest (>= 3.0)
    hitimes (1.2.2)
    listen (2.8.5)
      celluloid (>= 0.15.2)
      rb-fsevent (>= 0.9.3)
      rb-inotify (>= 0.9)
    lumberjack (1.0.9)
    method_source (0.8.2)
    mini_portile (0.6.0)
    minitest (5.4.3)
    nenv (0.2.0)
    nokogiri (1.6.2.1)
      mini_portile (= 0.6.0)
    notiffany (0.0.3)
      nenv (~> 0.1)
      shellany (~> 0.0)
    pry (0.10.1)
      coderay (~> 1.1.0)
      method_source (~> 0.8.1)
      slop (~> 3.4)
    rake (10.4.0)
    rb-fsevent (0.9.4)
    rb-inotify (0.9.5)
      ffi (>= 0.5.0)
    redis (3.1.0)
    safe_yaml (1.0.4)
    shellany (0.0.1)
    sicuro (0.21.0)
      standalone (~> 0.5.0)
    slop (3.6.0)
    standalone (0.5.0)
    thor (0.19.1)
    thread_safe (0.3.4)
    timers (4.0.1)
      hitimes
    tzinfo (1.2.2)
      thread_safe (~> 0.1)
    webmock (1.20.4)
      addressable (>= 2.3.6)
      crack (>= 0.3.2)

PLATFORMS
  ruby

DEPENDENCIES
  cinch (~> 2.0)
  cinch-test!
  foreman
  guard (~> 2.11.0)
  guard-minitest (~> 2.4.0)
  minitest (~> 5.4.3)
  nokogiri
  rake (~> 10.4.0)
  redis
  sicuro
  tzinfo
  webmock (~> 1.20.0)
